PATH
  remote: .
  specs:
    meta_repertoire (0.1.0)
      pgn
      sqlite3

GEM
  remote: https://rubygems.org/
  specs:
    diff-lcs (1.3)
    pgn (0.3.0)
      whittle
    rake (10.5.0)
    rspec (3.9.0)
      rspec-core (~> 3.9.0)
      rspec-expectations (~> 3.9.0)
      rspec-mocks (~> 3.9.0)
    rspec-core (3.9.1)
      rspec-support (~> 3.9.1)
    rspec-expectations (3.9.0)
      diff-lcs (>= 1.2.0, < 2.0)
      rspec-support (~> 3.9.0)
    rspec-mocks (3.9.1)
      diff-lcs (>= 1.2.0, < 2.0)
      rspec-support (~> 3.9.0)
    rspec-support (3.9.2)
    sqlite3 (1.4.4)
    whittle (0.0.8)

PLATFORMS
  ruby

DEPENDENCIES
  bundler (~> 2.0)
  meta_repertoire!
  rake (~> 10.0)
  rspec (~> 3.0)

BUNDLED WITH
   2.0.2
