PATH
  remote: .
  specs:
    meta_repertoire (0.1.0)
      pgn
      pry
      sqlite3
      thor

GEM
  remote: https://rubygems.org/
  specs:
    coderay (1.1.3)
    diff-lcs (1.3)
    method_source (1.0.0)
    pgn (0.3.0)
      whittle
    pry (0.14.1)
      coderay (~> 1.1)
      method_source (~> 1.0)
    rake (10.5.0)
    rspec (3.9.0)
      rspec-core (~> 3.9.0)
      rspec-expectations (~> 3.9.0)
      rspec-mocks (~> 3.9.0)
    rspec-core (3.9.1)
      rspec-support (~> 3.9.1)
    rspec-expectations (3.9.0)
      diff-lcs (>= 1.2.0, < 2.0)
      rspec-support (~> 3.9.0)
    rspec-mocks (3.9.1)
      diff-lcs (>= 1.2.0, < 2.0)
      rspec-support (~> 3.9.0)
    rspec-support (3.9.2)
    sqlite3 (1.4.4)
    thor (1.2.1)
    whittle (0.0.8)

PLATFORMS
  ruby

DEPENDENCIES
  bundler (~> 2.3.18)
  meta_repertoire!
  rake (~> 10.0)
  rspec (~> 3.0)

BUNDLED WITH
   2.3.18
